GEM
  remote: https://rubygems.org/
  specs:
    activejob (6.1.3)
      activesupport (= 6.1.3)
      globalid (>= 0.3.6)
    activesupport (6.1.3)
      concurrent-ruby (~> 1.0, >= 1.0.2)
      i18n (>= 1.6, < 2)
      minitest (>= 5.1)
      tzinfo (~> 2.0)
      zeitwerk (~> 2.3)
    cgi (0.2.0)
    concurrent-ruby (1.1.8)
    dotenv (2.7.6)
    dry-initializer (3.0.4)
    erb (2.2.2)
      cgi
    fast_jsonapi (1.5)
      activesupport (>= 4.2)
    geocoder (1.6.6)
    globalid (0.4.2)
      activesupport (>= 4.2.0)
    i18n (1.8.9)
      concurrent-ruby (~> 1.0)
    minitest (5.14.4)
    nio4r (2.5.7)
    pagy (4.0.0)
    pg (1.2.3)
    puma (5.2.2)
      nio4r (~> 2.0)
    rack (2.2.3)
    rack-unreloader (1.7.0)
    refrigerator (1.3.0)
    roda (3.41.0)
      rack
    sequel (5.42.0)
    sequel-annotate (1.6.0)
      sequel (>= 4)
    sequel_pg (1.14.0)
      pg (>= 0.18.0, != 1.2.0)
      sequel (>= 4.38.0)
    tzinfo (2.0.4)
      concurrent-ruby (~> 1.0)
    zeitwerk (2.4.2)

PLATFORMS
  x86_64-linux

DEPENDENCIES
  activejob (~> 6.1, >= 6.1.3)
  dotenv (~> 2.7, >= 2.7.6)
  dry-initializer (~> 3.0, >= 3.0.4)
  erb (~> 2.2, >= 2.2.2)
  fast_jsonapi (~> 1.5)
  geocoder (~> 1.6, >= 1.6.6)
  pagy (~> 4.0)
  pg (~> 1.2, >= 1.2.3)
  puma (~> 5.0)
  rack-unreloader
  refrigerator (>= 1)
  roda (>= 3.19)
  sequel (>= 5)
  sequel-annotate
  sequel_pg (>= 1.8)

RUBY VERSION
   ruby 3.0.0p0

BUNDLED WITH
   2.2.3
