GEM
  remote: https://rubygems.org/
  specs:
    nio4r (2.5.7)
    pg (1.2.3)
    puma (5.2.2)
      nio4r (~> 2.0)
    rack (2.2.3)
    rack-unreloader (1.7.0)
    refrigerator (1.3.0)
    roda (3.41.0)
      rack
    sequel (5.42.0)
    sequel-annotate (1.6.0)
      sequel (>= 4)
    sequel_pg (1.14.0)
      pg (>= 0.18.0, != 1.2.0)
      sequel (>= 4.38.0)

PLATFORMS
  x86_64-linux

DEPENDENCIES
  puma
  rack-unreloader
  refrigerator (>= 1)
  roda (>= 3.19)
  sequel (>= 5)
  sequel-annotate
  sequel_pg (>= 1.8)

RUBY VERSION
   ruby 3.0.0p0

BUNDLED WITH
   2.2.3
